GEM
  remote: http://rubygems.org/
  specs:
    mysql2 (0.3.14)
    mysql2-cs-bind (0.0.6)
      mysql2
    pit (0.0.7)

PLATFORMS
  ruby

DEPENDENCIES
  mysql2-cs-bind
  pit
